GIT
  remote: git://github.com/lethunder/erector.git
  revision: 59754211101b2c50a4c9daa8e64a64e6edc9e976
  specs:
    erector (0.10.0)
      haml
      jeweler
      nokogiri
      sass
      treetop (>= 1.2.3)

GIT
  remote: git://github.com/lethunder/ruby-git.git
  revision: 58100b0135d39215330b9c63590dd6307bb54ea7
  specs:
    git (1.9.1)
      rchardet (~> 1.8)

GEM
  remote: https://rubygems.org/
  specs:
    actionmailer (4.2.5.2)
      actionpack (= 4.2.5.2)
      actionview (= 4.2.5.2)
      activejob (= 4.2.5.2)
      mail (~> 2.5, >= 2.5.4)
      rails-dom-testing (~> 1.0, >= 1.0.5)
    actionpack (4.2.5.2)
      actionview (= 4.2.5.2)
      activesupport (= 4.2.5.2)
      rack (~> 1.6)
      rack-test (~> 0.6.2)
      rails-dom-testing (~> 1.0, >= 1.0.5)
      rails-html-sanitizer (~> 1.0, >= 1.0.2)
    actionview (4.2.5.2)
      activesupport (= 4.2.5.2)
      builder (~> 3.1)
      erubis (~> 2.7.0)
      rails-dom-testing (~> 1.0, >= 1.0.5)
      rails-html-sanitizer (~> 1.0, >= 1.0.2)
    activejob (4.2.5.2)
      activesupport (= 4.2.5.2)
      globalid (>= 0.3.0)
    activemodel (4.2.5.2)
      activesupport (= 4.2.5.2)
      builder (~> 3.1)
    activerecord (4.2.5.2)
      activemodel (= 4.2.5.2)
      activesupport (= 4.2.5.2)
      arel (~> 6.0)
    activerecord-jdbc-adapter (50.0)
      activerecord (>= 2.2)
    activerecord-jdbcpostgresql-adapter (50.0)
      activerecord-jdbc-adapter (~> 50.0)
      jdbc-postgres (>= 9.4, < 43)
    activesupport (4.2.5.2)
      i18n (~> 0.7)
      json (~> 1.7, >= 1.7.7)
      minitest (~> 5.1)
      thread_safe (~> 0.3, >= 0.3.4)
      tzinfo (~> 1.1)
    addressable (2.4.0)
    arel (6.0.3)
    boolean (1.0.1)
    builder (3.2.2)
    closure-compiler (1.1.12)
    coffee-rails (4.1.1)
      coffee-script (>= 2.2.0)
      railties (>= 4.0.0, < 5.1.x)
    coffee-script (2.4.1)
      coffee-script-source
      execjs
    coffee-script-source (1.10.0)
    commonjs (0.2.7)
    composite_primary_keys (8.1.2)
      activerecord (~> 4.2.0)
    concurrent-ruby (1.0.1)
    concurrent-ruby (1.0.1-java)
    configoro (1.4.0)
      activesupport
    descendants_tracker (0.0.4)
      thread_safe (~> 0.3, >= 0.3.1)
    diff-lcs (1.2.5)
    email_validation (1.2.0)
      localized_each_validator (>= 1.0.1)
    erubis (2.7.0)
    execjs (2.6.0)
    factory_girl (4.5.0)
      activesupport (>= 3.0.0)
    factory_girl_rails (4.6.0)
      factory_girl (~> 4.5.0)
      railties (>= 3.0.0)
    fakeweb (1.3.0)
    faraday (0.9.2)
      multipart-post (>= 1.2, < 3)
    find_or_create_on_scopes (1.4.1)
      activerecord (>= 3.1)
    font-awesome-rails (4.5.0.1)
      railties (>= 3.2, < 5.1)
    github_api (0.16.0)
      addressable (~> 2.4.0)
      descendants_tracker (~> 0.0.4)
      faraday (~> 0.8, < 0.10)
      hashie (>= 3.4)
      mime-types (>= 1.16, < 3.0)
      oauth2 (~> 1.0)
    globalid (0.3.6)
      activesupport (>= 4.1.0)
    haml (5.2.2)
      temple (>= 0.8.0)
      tilt
    has_metadata_column (1.1.5)
      boolean
      rails (>= 4.2)
    hashie (4.1.0)
    highline (2.0.3)
    httpi (2.4.1)
      rack
    i18n (0.7.0)
    jar-dependencies (0.4.1)
    jdbc-postgres (42.2.14)
    jeweler (2.3.9)
      builder
      bundler
      git (>= 1.2.5)
      github_api (~> 0.16.0)
      highline (>= 1.6.15)
      nokogiri (>= 1.5.10)
      psych
      rake
      rdoc
      semver2
    jquery-rails (4.1.0)
      rails-dom-testing (~> 1.0)
      railties (>= 4.2.0)
      thor (>= 0.14, < 2.0)
    json (1.8.3)
    json (1.8.3-java)
    json_serialize (2.2.2)
      activerecord (>= 3.0)
      activesupport (>= 3.0)
    jwt (2.3.0)
    kramdown (1.9.0)
    less (2.6.0)
      commonjs (~> 0.2.7)
    less-rails (2.7.1)
      actionpack (>= 4.0)
      less (~> 2.6.0)
      sprockets (> 2, < 4)
      tilt
    libv8 (3.16.14.13)
    localized_each_validator (1.0.3)
      activemodel (>= 3.0)
      activesupport (>= 3.0)
    loofah (2.0.3)
      nokogiri (>= 1.5.9)
    mail (2.6.3)
      mime-types (>= 1.16, < 3)
    mime-types (2.99.1)
    mini_portile2 (2.0.0)
    minitest (5.8.4)
    multi_json (1.15.0)
    multi_xml (0.6.0)
    multipart-post (2.1.1)
    nokogiri (1.6.7.2)
      mini_portile2 (~> 2.0.0.rc2)
    nokogiri (1.6.7.2-java)
    oauth2 (1.4.7)
      faraday (>= 0.8, < 2.0)
      jwt (>= 1.0, < 3.0)
      multi_json (~> 1.3)
      multi_xml (~> 0.5)
      rack (>= 1.2, < 3)
    pg (0.18.4)
    plist (3.2.0)
    polyglot (0.3.5)
    psych (2.0.17)
    psych (2.0.17-java)
      jar-dependencies (>= 0.1.7)
    rack (1.6.4)
    rack-cors (0.4.0)
    rack-test (0.6.3)
      rack (>= 1.0)
    rails (4.2.5.2)
      actionmailer (= 4.2.5.2)
      actionpack (= 4.2.5.2)
      actionview (= 4.2.5.2)
      activejob (= 4.2.5.2)
      activemodel (= 4.2.5.2)
      activerecord (= 4.2.5.2)
      activesupport (= 4.2.5.2)
      bundler (>= 1.3.0, < 2.0)
      railties (= 4.2.5.2)
      sprockets-rails
    rails-deprecated_sanitizer (1.0.3)
      activesupport (>= 4.2.0.alpha)
    rails-dom-testing (1.0.7)
      activesupport (>= 4.2.0.beta, < 5.0)
      nokogiri (~> 1.6.0)
      rails-deprecated_sanitizer (>= 1.0.1)
    rails-html-sanitizer (1.0.3)
      loofah (~> 2.0)
    rails-observers (0.1.2)
      activemodel (~> 4.0)
    railties (4.2.5.2)
      actionpack (= 4.2.5.2)
      activesupport (= 4.2.5.2)
      rake (>= 0.8.7)
      thor (>= 0.18.1, < 2.0)
    rake (10.5.0)
    rchardet (1.8.0)
    rdoc (6.2.0)
    redcarpet (3.3.4)
    ref (2.0.0)
    responders (2.1.1)
      railties (>= 4.2.0, < 5.1)
    rspec-core (3.4.3)
      rspec-support (~> 3.4.0)
    rspec-expectations (3.4.0)
      diff-lcs (>= 1.2.0, < 2.0)
      rspec-support (~> 3.4.0)
    rspec-mocks (3.4.1)
      diff-lcs (>= 1.2.0, < 2.0)
      rspec-support (~> 3.4.0)
    rspec-rails (3.4.2)
      actionpack (>= 3.0, < 4.3)
      activesupport (>= 3.0, < 4.3)
      railties (>= 3.0, < 4.3)
      rspec-core (~> 3.4.0)
      rspec-expectations (~> 3.4.0)
      rspec-mocks (~> 3.4.0)
      rspec-support (~> 3.4.0)
    rspec-support (3.4.1)
    safe_yaml (1.0.4)
    sass (3.4.21)
    sass-rails (5.0.4)
      railties (>= 4.0.0, < 5.0)
      sass (~> 3.1)
      sprockets (>= 2.8, < 4.0)
      sprockets-rails (>= 2.0, < 4.0)
      tilt (>= 1.1, < 3)
    semver2 (3.4.2)
    serialbox (1.0.0)
      activesupport
      json
    slugalicious (2.1.0)
      rails (>= 4.0)
      stringex
    sourcemap (0.1.1)
    sprockets (3.5.2)
      concurrent-ruby (~> 1.0)
      rack (> 1, < 3)
    sprockets-rails (3.0.3)
      actionpack (>= 4.0)
      activesupport (>= 4.0)
      sprockets (>= 3.0.0)
    sql_origin (1.1.2)
      rails (>= 4.0)
    squash_ios_symbolicator (1.1.1)
      plist
      serialbox
      squash_uploader (>= 1.0.1)
    squash_java (1.0.3)
      json
      squash_uploader (>= 1.0.1)
    squash_javascript (2.0.9)
      coffee-rails
      json
      railties (>= 3.1)
      sourcemap
      sprockets-rails (>= 3.0)
      squash_uploader
    squash_rails (1.3.4)
      squash_ruby
    squash_ruby (2.0.0)
      json
    squash_uploader (1.0.1)
      json
    stringex (2.6.0)
    temple (0.8.2)
    therubyracer (0.12.2)
      libv8 (~> 3.16.14.0)
      ref
    therubyrhino (2.1.2)
      therubyrhino_jar (>= 1.7.4, < 1.7.9)
    therubyrhino_jar (1.7.8)
    thor (0.19.1)
    thread_safe (0.3.5)
    thread_safe (0.3.5-java)
    tilt (2.0.2)
    timeliness (0.3.8)
    treetop (1.6.11)
      polyglot (~> 0.3)
    tzinfo (1.2.2)
      thread_safe (~> 0.1)
    url_validation (1.1.0)
      activerecord
      activesupport
      addressable
      httpi
    user-agent (1.0.0)
    validates_timeliness (4.0.2)
      timeliness (~> 0.3.7)
    yard (0.8.7.6)

PLATFORMS
  java
  ruby

DEPENDENCIES
  activerecord-jdbcpostgresql-adapter
  closure-compiler
  coffee-rails
  composite_primary_keys
  configoro
  email_validation
  erector!
  factory_girl_rails
  fakeweb
  find_or_create_on_scopes
  font-awesome-rails
  git!
  has_metadata_column
  jquery-rails
  json
  json_serialize
  kramdown
  less-rails
  libv8
  pg
  psych
  rack-cors
  rails (= 4.2.5.2)
  rails-observers
  redcarpet
  responders
  rspec-rails
  safe_yaml
  sass-rails
  slugalicious
  sourcemap
  sprockets
  sql_origin
  squash_ios_symbolicator
  squash_java
  squash_javascript
  squash_rails
  squash_ruby
  therubyracer
  therubyrhino
  url_validation
  user-agent
  validates_timeliness
  yard

BUNDLED WITH
   1.17.3
